GEM
  remote: https://rubygems.org/
  specs:
    builder (3.2.3)
    childprocess (3.0.0)
    ci_reporter (2.0.0)
      builder (>= 2.1.2)
    ci_reporter_rspec (1.0.0)
      ci_reporter (~> 2.0)
      rspec (>= 2.14, < 4)
    diff-lcs (1.3)
    ffi (1.11.2-x64-mingw32)
    httpclient (2.8.3)
    r18n-core (3.2.0)
    rake (12.3.0)
    rspec (3.9.0)
      rspec-core (~> 3.9.0)
      rspec-expectations (~> 3.9.0)
      rspec-mocks (~> 3.9.0)
    rspec-core (3.9.0)
      rspec-support (~> 3.9.0)
    rspec-expectations (3.9.0)
      diff-lcs (>= 1.2.0, < 2.0)
      rspec-support (~> 3.9.0)
    rspec-mocks (3.9.0)
      diff-lcs (>= 1.2.0, < 2.0)
      rspec-support (~> 3.9.0)
    rspec-support (3.9.0)
    rspec_junit_formatter (0.4.1)
      rspec-core (>= 2, < 4, != 2.12.0)
    rubyzip (2.0.0)
    rwebspec-webdriver (0.5.1)
      rspec (>= 2.10)
      rspec-core (>= 2.10.1)
      selenium-webdriver (>= 2.0.1)
    selenium-webdriver (3.142.6)
      childprocess (>= 0.5, < 4.0)
      rubyzip (>= 1.2.2)

PLATFORMS
  x64-mingw32

DEPENDENCIES
  ci_reporter
  ci_reporter_rspec
  ffi
  httpclient
  r18n-core (~> 3.2)
  rake (= 12.3.0)
  rspec
  rspec_junit_formatter (~> 0.4.1)
  rwebspec-webdriver (~> 0.5.1)
  selenium-webdriver

BUNDLED WITH
   1.17.2
